GEM
  remote: https://rubygems.org/
  specs:
    cgi (0.2.0)
    erb (2.2.3)
      cgi
    nio4r (2.5.7)
    puma (5.3.2)
      nio4r (~> 2.0)
    rack (2.2.3)

PLATFORMS
  x64-mingw32

DEPENDENCIES
  erb
  puma (~> 5.3)
  rack

RUBY VERSION
   ruby 2.7.3p183

BUNDLED WITH
   2.1.4
