GEM
  remote: https://rubygems.org/
  specs:
    cgi (0.2.0)
    erb (2.2.3)
      cgi
    rack (2.2.3)

PLATFORMS
  x64-mingw32

DEPENDENCIES
  erb
  rack

RUBY VERSION
   ruby 2.7.3p183

BUNDLED WITH
   2.1.4
