GEM
  remote: https://rubygems.org/
  specs:
    cgi (0.2.0)
    concurrent-ruby (1.1.8)
    erb (2.2.3)
      cgi
    hanami-router (1.3.2)
      hanami-utils (~> 1.3)
      http_router (= 0.11.2)
      rack (~> 2.0)
    hanami-utils (1.3.8)
      concurrent-ruby (~> 1.0)
      transproc (~> 1.0)
    http_router (0.11.2)
      rack (>= 1.0.0)
      url_mount (~> 0.2.1)
    rack (2.2.3)
    transproc (1.1.1)
    url_mount (0.2.1)
      rack

PLATFORMS
  x64-mingw32

DEPENDENCIES
  erb
  hanami-router
  rack

BUNDLED WITH
   2.1.4
